GEM
  remote: http://rubygems.org/
  specs:
    RedCloth (4.2.7)
    actionpack (2.3.11)
      activesupport (= 2.3.11)
      rack (~> 1.1.0)
    activerecord (2.3.11)
      activesupport (= 2.3.11)
    activesupport (2.3.11)
    columnize (0.3.2)
    hoe (2.9.4)
      rake (>= 0.8.7)
    i18n (0.5.0)
    linecache (0.43)
    mocha (0.9.12)
    newgem (1.5.3)
      RedCloth (>= 4.1.1)
      activesupport (~> 2.3.4)
      hoe (>= 2.4.0)
      rubigen (>= 1.5.3)
      syntax (>= 1.0.0)
    rack (1.1.2)
    rake (0.8.7)
    renum (1.3.1.4)
    rubigen (1.5.6)
      activesupport (>= 2.3.5)
      i18n
    ruby-debug (0.10.4)
      columnize (>= 0.1)
      ruby-debug-base (~> 0.10.4.0)
    ruby-debug-base (0.10.4)
      linecache (>= 0.3)
    syntax (1.0.0)
    test-unit (2.0.9)

PLATFORMS
  ruby

DEPENDENCIES
  actionpack (~> 2.3.10)
  activerecord (~> 2.3.10)
  activesupport (~> 2.3.10)
  hoe
  i18n (~> 0.5.0)
  mocha (= 0.9.12)
  newgem
  rake
  renum (~> 1.3.0)
  ruby-debug
  test-unit (~> 2.0.9)
